GIT
  remote: https://github.com/riboseinc/metanorma
  revision: 9c89777801fcf3cdff5977a3016dfa18d1792e97
  specs:
    metanorma (0.2.9)

GIT
  remote: https://github.com/riboseinc/metanorma-cli
  revision: 5f33f088080eabca0a7811383ebed2393a78c993
  specs:
    metanorma-cli (1.0.1)
      asciidoctor-rfc (~> 0.9.0)
      isodoc (~> 0.9.0)
      metanorma (~> 0.2.6)
      metanorma-acme (~> 1.0.1)
      metanorma-csand (~> 1.0.5)
      metanorma-csd (~> 1.0.5)
      metanorma-gb (~> 1.0.5)
      metanorma-iso (~> 1.0.6)
      metanorma-m3d (~> 1.0.6)
      metanorma-rsd (~> 1.0.5)
      metanorma-standoc (~> 1.0.6)
      nokogiri

GIT
  remote: https://github.com/riboseinc/metanorma-iso
  revision: c02cab761f8f3192d80454da24de1deeb1c967ce
  specs:
    metanorma-iso (1.0.6)
      asciidoctor (~> 1.5.7)
      iev (~> 0.2.0)
      isodoc (~> 0.9.0)
      metanorma-standoc (~> 1.0.0)
      relaton (~> 0.2.0)
      ruby-jing

PATH
  remote: ../metanorma-csand
  specs:
    metanorma-csand (1.0.5)
      asciidoctor (~> 1.5.7)
      asciimath
      htmlentities (~> 4.3.4)
      image_size
      isodoc (~> 0.9.0)
      metanorma-standoc (~> 1.0.0)
      mime-types
      nokogiri
      ruby-jing
      ruby-xslt
      thread_safe
      uuidtools

GEM
  remote: https://rubygems.org/
  specs:
    addressable (2.5.2)
      public_suffix (>= 2.0.2, < 4.0)
    algoliasearch (1.23.2)
      httpclient (~> 2.8, >= 2.8.3)
      json (>= 1.5.1)
    asciidoctor (1.5.7.1)
    asciidoctor-rfc (0.9.1)
      asciidoctor (~> 1.5.7)
      htmlentities (~> 4.3.4)
      nokogiri
      ruby-jing
      thread_safe
    asciimath (1.0.6)
    camertron-eprun (1.1.1)
    cldr-plurals-runtime-rb (1.0.1)
    cnccs (0.1.3)
    ffi (1.9.25)
    gb-agencies (0.0.3)
    gbbib (0.3.1)
      cnccs (~> 0.1.1)
      gb-agencies (~> 0.0.1)
      iso-bib-item (~> 0.3.0)
    html2doc (0.8.4)
      asciimath
      htmlentities (~> 4.3.4)
      image_size
      mime-types
      nokogiri
      ruby-xslt
      thread_safe
      uuidtools
    htmlentities (4.3.4)
    httpclient (2.8.3)
    iecbib (0.1.2)
      addressable
      iso-bib-item (~> 0.3.0)
    ietfbib (0.4.1)
      iso-bib-item (~> 0.3.0)
    iev (0.2.0)
      nokogiri
    image_size (2.0.0)
    iso-bib-item (0.3.1)
      isoics (~> 0.1.6)
      nokogiri (~> 1.8.4)
      ruby_deep_clone (~> 0.8.0)
    isobib (0.3.1)
      algoliasearch
      iso-bib-item (~> 0.3.0)
    isodoc (0.9.2)
      asciimath
      html2doc (~> 0.8.1)
      htmlentities (~> 4.3.4)
      liquid
      metanorma (~> 0.2.7)
      nokogiri
      roman-numerals
      ruby-xslt
      sassc (~> 1.12.1)
      thread_safe
      uuidtools
    isoics (0.1.7)
    json (2.1.0)
    liquid (4.0.0)
    metanorma-acme (1.0.1)
      asciidoctor (~> 1.5.7)
      htmlentities (~> 4.3.4)
      isodoc (~> 0.9.0)
      metanorma-standoc (~> 1.0.0)
      ruby-jing
    metanorma-csd (1.0.5)
      isodoc (~> 0.9.0)
      metanorma-standoc (~> 1.0.0)
    metanorma-gb (1.0.5)
      gb-agencies (~> 0.0.1)
      isodoc (~> 0.9.0)
      metanorma-iso (~> 1.0.1)
      twitter_cldr
    metanorma-m3d (1.0.6)
      asciidoctor (~> 1.5.7)
      asciimath
      htmlentities (~> 4.3.4)
      image_size
      isodoc (~> 0.9.0)
      metanorma-standoc (~> 1.0.0)
      mime-types
      nokogiri
      ruby-jing
      ruby-xslt
      thread_safe
      uuidtools
    metanorma-rsd (1.0.5)
      asciidoctor (~> 1.5.7)
      htmlentities (~> 4.3.4)
      isodoc (~> 0.9.0)
      metanorma-standoc (~> 1.0.0)
      nokogiri
    metanorma-standoc (1.0.7)
      asciidoctor (~> 1.5.7)
      iev (~> 0.2.0)
      isodoc (~> 0.9.0)
      relaton (~> 0.2.2)
      ruby-jing
    mime-types (3.2.2)
      mime-types-data (~> 3.2015)
    mime-types-data (3.2018.0812)
    mini_portile2 (2.3.0)
    nokogiri (1.8.5)
      mini_portile2 (~> 2.3.0)
    optout (0.0.2)
    public_suffix (3.0.3)
    rb-fsevent (0.10.3)
    rb-inotify (0.9.10)
      ffi (>= 0.5.0, < 2)
    relaton (0.2.4)
      algoliasearch
      gbbib (~> 0.3.1)
      iecbib (~> 0.1.1)
      ietfbib (~> 0.4.1)
      iso-bib-item (~> 0.3.0)
      isobib (~> 0.3.1)
    roman-numerals (0.3.0)
    ruby-jing (0.0.1)
      optout (>= 0.0.2)
    ruby-xslt (0.9.10)
    ruby_deep_clone (0.8.0)
    sass (3.6.0)
      sass-listen (~> 4.0.0)
    sass-listen (4.0.0)
      rb-fsevent (~> 0.9, >= 0.9.4)
      rb-inotify (~> 0.9, >= 0.9.7)
    sassc (1.12.1)
      ffi (~> 1.9.6)
      sass (>= 3.3.0)
    thread_safe (0.3.6)
    twitter_cldr (4.4.3)
      camertron-eprun
      cldr-plurals-runtime-rb (~> 1.0)
      tzinfo
    tzinfo (1.2.5)
      thread_safe (~> 0.1)
    uuidtools (2.1.5)

PLATFORMS
  ruby

DEPENDENCIES
  metanorma!
  metanorma-cli!
  metanorma-csand!
  metanorma-iso!

BUNDLED WITH
   1.16.2
